GEM
  remote: https://rubygems.org/
  specs:
    vlc-client (0.0.7)

PLATFORMS
  x86_64-linux

DEPENDENCIES
  vlc-client (~> 0.0.7)

BUNDLED WITH
   2.3.5
